GIT
  remote: https://github.com/pry/pry
  revision: 1f64463184e0a160d0b41d1a1f92b8e2f230278c
  specs:
    pry (0.10.4)
      coderay (~> 1.1.0)
      method_source (~> 0.8.1)

GEM
  remote: https://rubygems.org/
  specs:
    binding_of_caller (0.7.2)
      debug_inspector (>= 0.0.1)
    byebug (9.0.6)
    childprocess (0.5.9)
      ffi (~> 1.0, >= 1.0.11)
    coderay (1.1.1)
    debug_inspector (0.0.2)
    diff-lcs (1.1.3)
    ffi (1.9.14-x86-mingw32)
    method_source (0.8.2)
    multi_json (1.12.1)
    pry-byebug (3.4.2)
      byebug (~> 9.0)
      pry (~> 0.10)
    pry-stack_explorer (0.4.9.2)
      binding_of_caller (>= 0.7)
      pry (>= 0.9.11)
    rspec (2.99.0)
      rspec-core (~> 2.99.0)
      rspec-expectations (~> 2.99.0)
      rspec-mocks (~> 2.99.0)
    rspec-core (2.99.2)
    rspec-expectations (2.99.2)
      diff-lcs (>= 1.1.3, < 2.0)
    rspec-mocks (2.99.4)
    rubyzip (1.2.0)
    selenium-webdriver (2.46.2)
      childprocess (~> 0.5)
      multi_json (~> 1.0)
      rubyzip (~> 1.0)
      websocket (~> 1.0)
    watir-webdriver (0.9.9)
      selenium-webdriver (>= 2.46.2)
    websocket (1.2.3)

PLATFORMS
  x86-mingw32

DEPENDENCIES
  diff-lcs (~> 1.1.3)
  pry!
  pry-byebug
  pry-stack_explorer
  rspec
  selenium-webdriver (~> 2.46.2)
  watir-webdriver (~> 0.9.1)

BUNDLED WITH
   1.13.7
