GEM
  remote: https://rubygems.org/
  specs:
    childprocess (0.5.9)
      ffi (~> 1.0, >= 1.0.11)
    diff-lcs (1.2.5)
    ffi (1.9.14-x86-mingw32)
    multi_json (1.12.1)
    rspec-expectations (3.5.0)
      diff-lcs (>= 1.2.0, < 2.0)
      rspec-support (~> 3.5.0)
    rspec-support (3.5.0)
    rubyzip (1.2.0)
    selenium-webdriver (2.46.2)
      childprocess (~> 0.5)
      multi_json (~> 1.0)
      rubyzip (~> 1.0)
      websocket (~> 1.0)
    watir-webdriver (0.9.9)
      selenium-webdriver (>= 2.46.2)
    websocket (1.2.3)

PLATFORMS
  x86-mingw32

DEPENDENCIES
  rspec-expectations
  selenium-webdriver (~> 2.46.2)
  watir-webdriver (~> 0.9.1)

BUNDLED WITH
   1.12.5
